GEM
  remote: https://rubygems.org/
  specs:
    RubySunrise (0.3)
      tzinfo
    amq-protocol (1.9.2)
    amqp (1.5.0)
      amq-protocol (>= 1.9.2)
      eventmachine
    eventmachine (1.0.7)
    json (1.8.3)
    thread_safe (0.3.4)
    tzinfo (1.2.1)
      thread_safe (~> 0.1)

PLATFORMS
  ruby

DEPENDENCIES
  RubySunrise
  amqp
  json
